GEM
  remote: https://rubygems.org/
  specs:
    crass (1.0.4)
    equivalent-xml (0.6.0)
      nokogiri (>= 1.4.3)
    erubis (2.7.0)
    ffi (1.9.25)
    htmlentities (4.3.4)
    httparty (0.20.0)
      mime-types (~> 3.0)
      multi_xml (>= 0.5.2)
    json (2.6.2)
    json-diff (0.4.1)
    listen (3.7.1)
      rb-fsevent (~> 0.10, >= 0.10.3)
      rb-inotify (~> 0.9, >= 0.9.10)
    mail (2.7.1)
      mini_mime (>= 0.1.1)
    mime-types (3.4.1)
      mime-types-data (~> 3.2015)
    mime-types-data (3.2022.0105)
    mini_mime (1.0.1)
    mini_portile2 (2.8.0)
    multi_xml (0.6.0)
    mustermann (1.0.2)
    mysql2 (0.5.2)
    netrc (0.11.0)
    nio4r (2.5.8)
    nokogiri (1.13.9)
      mini_portile2 (~> 2.8.0)
      racc (~> 1.4)
    open4 (1.3.4)
    puma (6.0.0)
      nio4r (~> 2.0)
    racc (1.6.0)
    rack (2.2.4)
    rack-protection (2.0.3)
      rack
    rb-fsevent (0.10.3)
    rb-inotify (0.9.10)
      ffi (>= 0.5.0, < 2)
    rerun (0.13.1)
      listen (~> 3.0)
    sanitize (6.0.0)
      crass (~> 1.0.2)
      nokogiri (>= 1.12.0)
    sequel (5.61.0)
    sinatra (2.0.3)
      mustermann (~> 1.0)
      rack (~> 2.0)
      rack-protection (= 2.0.3)
      tilt (~> 2.0)
    sqlite3 (1.5.3)
      mini_portile2 (~> 2.8.0)
    tilt (2.0.8)
    unindent (1.0)
    xml-simple (1.1.5)

PLATFORMS
  ruby

DEPENDENCIES
  equivalent-xml
  erubis
  htmlentities
  httparty
  json
  json-diff
  mail
  mysql2
  netrc
  nokogiri
  open4
  puma
  rerun
  sanitize
  sequel
  sinatra
  sqlite3
  unindent
  xml-simple

BUNDLED WITH
   2.0.2
